GEM
  remote: http://rubygems.org/
  specs:
    activesupport (3.0.0.beta4)
    albino (1.0)
    gemcutter (0.6.1)
    git (1.2.5)
    hoe (2.6.1)
      rake (>= 0.8.7)
      rubyforge (>= 2.0.4)
    i18n (0.4.1)
    jeweler (1.4.0)
      gemcutter (>= 0.1.0)
      git (>= 1.2.5)
      rubyforge (>= 2.0.0)
    json_pure (1.4.6)
    open4 (1.0.1)
    rake (0.8.7)
    rdiscount (1.6.5)
    rspec (1.3.0)
    rubyforge (2.0.4)
      json_pure (>= 1.1.7)
    test-unit (1.2.3)
      hoe (>= 1.5.1)
    tzinfo (0.3.22)

PLATFORMS
  ruby

DEPENDENCIES
  activesupport (= 3.0.0.beta4)
  albino
  i18n
  jeweler
  open4
  rdiscount
  rspec
  test-unit (= 1.2.3)
  tzinfo
